GIT
  remote: git://github.com/rspec/rspec-mocks.git
  revision: f5c63c3ca49af5b5283e71524d3f9007b82f4a22
  specs:
    rspec-mocks (2.10.1)

PATH
  remote: .
  specs:
    rspec-fire (0.4.0)

GEM
  remote: http://rubygems.org/
  specs:
    diff-lcs (1.1.3)
    rake (0.9.2.2)
    rspec (2.10.0)
      rspec-core (~> 2.10.0)
      rspec-expectations (~> 2.10.0)
      rspec-mocks (~> 2.10.0)
    rspec-core (2.10.1)
    rspec-expectations (2.10.0)
      diff-lcs (~> 1.1.3)

PLATFORMS
  ruby

DEPENDENCIES
  rake
  rspec
  rspec-fire!
  rspec-mocks!
